GEM
  remote: http://rubygems.org/
  specs:
    coderay (1.1.1)
    dotenv (2.1.1)
    method_source (0.8.2)
    pry (0.10.4)
      coderay (~> 1.1.0)
      method_source (~> 0.8.1)
      slop (~> 3.4)
    sequel (4.47.0)
    slop (3.6.0)

PLATFORMS
  ruby

DEPENDENCIES
  dotenv
  pry
  sequel

RUBY VERSION
   ruby 2.2.5p319

BUNDLED WITH
   1.13.2
